GEM
  remote: https://rubygems.org/
  specs:
    ansi (1.5.0)
    awesome_print (1.7.0)
    builder (3.2.3)
    minitest (5.10.2)
    minitest-reporters (1.1.14)
      ansi
      builder
      minitest (>= 5.0)
      ruby-progressbar
    ruby-progressbar (1.8.1)

PLATFORMS
  ruby

DEPENDENCIES
  awesome_print (~> 1.7.0)
  minitest (~> 5.10.0)
  minitest-reporters

BUNDLED WITH
   1.13.6
